PATH
  remote: ../..
  specs:
    committee (4.3.0)
      json_schema (~> 0.14, >= 0.14.3)
      openapi_parser (>= 0.11.1)
      rack (>= 1.5)

GEM
  remote: https://rubygems.org/
  specs:
    json_schema (0.20.9)
    mustermann (1.1.1)
      ruby2_keywords (~> 0.0.1)
    openapi_parser (0.12.1)
    rack (2.2.3)
    rack-protection (2.1.0)
      rack
    ruby2_keywords (0.0.2)
    sinatra (2.1.0)
      mustermann (~> 1.0)
      rack (~> 2.2)
      rack-protection (= 2.1.0)
      tilt (~> 2.0)
    tilt (2.0.10)

PLATFORMS
  ruby

DEPENDENCIES
  committee!
  sinatra

BUNDLED WITH
   2.1.4
